GIT
  remote: https://github.com/technicalpickles/jeweler.git
  revision: f57dabc0a16940a99119a75027855002164d52c1
  specs:
    jeweler (1.8.4)
      bundler (~> 1.0)
      git (>= 1.2.5)
      github_api (>= 0.8.1)
      highline (>= 1.6.15)
      rake
      rdoc

GEM
  remote: http://rubygems.org/
  specs:
    activemodel (3.2.13)
      activesupport (= 3.2.13)
      builder (~> 3.0.0)
    activerecord (3.2.13)
      activemodel (= 3.2.13)
      activesupport (= 3.2.13)
      arel (~> 3.0.2)
      tzinfo (~> 0.3.29)
    activesupport (3.2.13)
      i18n (= 0.6.1)
      multi_json (~> 1.0)
    addressable (2.8.0)
      public_suffix (>= 2.0.2, < 5.0)
    arel (3.0.2)
    bio (1.4.3)
    bio-blastxmlparser (1.1.1)
      bio-logger (>= 1.0.0)
      nokogiri (>= 1.5.0)
    bio-logger (1.0.1)
      log4r (>= 1.1.9)
    bio-samtools (0.6.0)
      bio (>= 1.4.2)
      ffi
    bourne (1.4.0)
      mocha (~> 0.13.2)
    builder (3.0.4)
    daemons (1.1.9)
    descendants_tracker (0.0.4)
      thread_safe (~> 0.3, >= 0.3.1)
    diff-lcs (1.2.3)
    faraday (1.10.0)
      faraday-em_http (~> 1.0)
      faraday-em_synchrony (~> 1.0)
      faraday-excon (~> 1.1)
      faraday-httpclient (~> 1.0)
      faraday-multipart (~> 1.0)
      faraday-net_http (~> 1.0)
      faraday-net_http_persistent (~> 1.0)
      faraday-patron (~> 1.0)
      faraday-rack (~> 1.0)
      faraday-retry (~> 1.0)
      ruby2_keywords (>= 0.0.4)
    faraday-em_http (1.0.0)
    faraday-em_synchrony (1.0.0)
    faraday-excon (1.1.0)
    faraday-httpclient (1.0.1)
    faraday-multipart (1.0.3)
      multipart-post (>= 1.2, < 3)
    faraday-net_http (1.0.1)
    faraday-net_http_persistent (1.2.0)
    faraday-patron (1.0.0)
    faraday-rack (1.0.0)
    faraday-retry (1.0.3)
    ffi (1.7.0)
    git (1.2.5)
    github_api (0.19.0)
      addressable (~> 2.4)
      descendants_tracker (~> 0.0.4)
      faraday (>= 0.8, < 2)
      hashie (~> 3.5, >= 3.5.2)
      oauth2 (~> 1.0)
    hashie (3.6.0)
    highline (1.6.19)
    i18n (0.6.1)
    json (1.7.7)
    jwt (2.3.0)
    log4r (1.1.10)
    metaclass (0.0.1)
    mini_portile2 (2.8.0)
    mocha (0.13.3)
      metaclass (~> 0.0.1)
    multi_json (1.15.0)
    multi_xml (0.6.0)
    multipart-post (2.1.1)
    nokogiri (1.13.3)
      mini_portile2 (~> 2.8.0)
      racc (~> 1.4)
    oauth2 (1.4.9)
      faraday (>= 0.17.3, < 3.0)
      jwt (>= 1.0, < 3.0)
      multi_json (~> 1.3)
      multi_xml (~> 0.5)
      rack (>= 1.2, < 3)
    parallel (0.6.4)
    progressbar (0.20.0)
    public_suffix (4.0.6)
    racc (1.6.0)
    rack (2.2.3)
    rake (10.0.4)
    rdoc (4.0.1)
      json (~> 1.4)
    rspec (2.13.0)
      rspec-core (~> 2.13.0)
      rspec-expectations (~> 2.13.0)
      rspec-mocks (~> 2.13.0)
    rspec-core (2.13.1)
    rspec-expectations (2.13.0)
      diff-lcs (>= 1.1.3, < 2.0)
    rspec-mocks (2.13.1)
    ruby-ensembl-api (1.0.1)
      activerecord
      bio (>= 1)
    ruby2_keywords (0.0.5)
    rubyvis (0.5.2)
    shoulda (3.4.0)
      shoulda-context (~> 1.0, >= 1.0.1)
      shoulda-matchers (~> 1.0, >= 1.4.1)
    shoulda-context (1.1.1)
    shoulda-matchers (1.5.6)
      activesupport (>= 3.0.0)
      bourne (~> 1.3)
    sqlite3 (1.3.7)
    thor (0.14.6)
    thread_safe (0.3.6)
    tzinfo (0.3.37)

PLATFORMS
  ruby

DEPENDENCIES
  activerecord (>= 3.0.5)
  activerecord-jdbcsqlite3-adapter
  bio (>= 1.4.2)
  bio-blastxmlparser
  bio-samtools (>= 0.3.2)
  bundler (~> 1.3.0)
  daemons (>= 1.1.0)
  ffi (>= 1.0.6)
  jdbc-sqlite3
  jeweler (~> 1.8.4)!
  json
  parallel
  progressbar (>= 0.9.0)
  rake
  rspec (>= 2.5.0)
  ruby-ensembl-api (>= 1.0.1)
  rubyvis (>= 0.5.0)
  shoulda
  sqlite3
  thor (= 0.14.6)
