GIT
  remote: https://github.com/technicalpickles/jeweler.git
  revision: f57dabc0a16940a99119a75027855002164d52c1
  specs:
    jeweler (1.8.4)
      bundler (~> 1.0)
      git (>= 1.2.5)
      github_api (>= 0.8.1)
      highline (>= 1.6.15)
      rake
      rdoc

GEM
  remote: http://rubygems.org/
  specs:
    activemodel (3.2.13)
      activesupport (= 3.2.13)
      builder (~> 3.0.0)
    activerecord (3.2.13)
      activemodel (= 3.2.13)
      activesupport (= 3.2.13)
      arel (~> 3.0.2)
      tzinfo (~> 0.3.29)
    activesupport (3.2.13)
      i18n (= 0.6.1)
      multi_json (~> 1.0)
    addressable (2.3.4)
    arel (3.0.2)
    bio (1.4.3)
    bio-blastxmlparser (1.1.1)
      bio-logger (>= 1.0.0)
      nokogiri (>= 1.5.0)
    bio-logger (1.0.1)
      log4r (>= 1.1.9)
    bio-samtools (0.6.0)
      bio (>= 1.4.2)
      ffi
    bourne (1.4.0)
      mocha (~> 0.13.2)
    builder (3.0.4)
    daemons (1.1.9)
    diff-lcs (1.2.3)
    faraday (0.8.7)
      multipart-post (~> 1.1)
    ffi (1.7.0)
    git (1.2.5)
    github_api (0.10.1)
      addressable
      faraday (~> 0.8.1)
      hashie (>= 1.2)
      multi_json (~> 1.4)
      nokogiri (~> 1.5.2)
      oauth2
    hashie (2.0.5)
    highline (1.6.19)
    httpauth (0.2.0)
    i18n (0.6.1)
    json (1.7.7)
    jwt (0.1.8)
      multi_json (>= 1.5)
    log4r (1.1.10)
    metaclass (0.0.1)
    mocha (0.13.3)
      metaclass (~> 0.0.1)
    multi_json (1.7.2)
    multi_xml (0.5.3)
    multipart-post (1.2.0)
    nokogiri (1.5.9)
    oauth2 (0.9.1)
      faraday (~> 0.8)
      httpauth (~> 0.1)
      jwt (~> 0.1.4)
      multi_json (~> 1.0)
      multi_xml (~> 0.5)
      rack (~> 1.2)
    parallel (0.6.4)
    progressbar (0.20.0)
    rack (1.5.2)
    rake (10.0.4)
    rdoc (4.0.1)
      json (~> 1.4)
    rspec (2.13.0)
      rspec-core (~> 2.13.0)
      rspec-expectations (~> 2.13.0)
      rspec-mocks (~> 2.13.0)
    rspec-core (2.13.1)
    rspec-expectations (2.13.0)
      diff-lcs (>= 1.1.3, < 2.0)
    rspec-mocks (2.13.1)
    ruby-ensembl-api (1.0.1)
      activerecord
      bio (>= 1)
    rubyvis (0.5.2)
    shoulda (3.4.0)
      shoulda-context (~> 1.0, >= 1.0.1)
      shoulda-matchers (~> 1.0, >= 1.4.1)
    shoulda-context (1.1.1)
    shoulda-matchers (1.5.6)
      activesupport (>= 3.0.0)
      bourne (~> 1.3)
    sqlite3 (1.3.7)
    thor (0.14.6)
    tzinfo (0.3.61)

PLATFORMS
  ruby

DEPENDENCIES
  activerecord (>= 3.0.5)
  activerecord-jdbcsqlite3-adapter
  bio (>= 1.4.2)
  bio-blastxmlparser
  bio-samtools (>= 0.3.2)
  bundler (~> 1.3.0)
  daemons (>= 1.1.0)
  ffi (>= 1.0.6)
  jdbc-sqlite3
  jeweler (~> 1.8.4)!
  json
  parallel
  progressbar (>= 0.9.0)
  rake
  rspec (>= 2.5.0)
  ruby-ensembl-api (>= 1.0.1)
  rubyvis (>= 0.5.0)
  shoulda
  sqlite3
  thor (= 0.14.6)
